GEM
  remote: http://rubygems.org/
  specs:
    kgio (2.1.1)
    rack (1.3.2)
    rack-test (0.6.1)
      rack (>= 1.0)
    racksh (0.9.8)
      rack (>= 1.0)
      rack-test (>= 0.5)
    rake (0.9.2)
    redis (2.2.2)
    shotgun (0.9)
      rack (>= 1.0)
    sinatra (1.2.6)
      rack (~> 1.1)
      tilt (>= 1.2.2, < 2.0)
    tilt (1.3.3)
    unicorn (3.3.1)
      kgio (~> 2.1)
      rack

PLATFORMS
  ruby

DEPENDENCIES
  rack-test
  racksh
  rake
  redis
  shotgun
  sinatra
  unicorn
